GEM
  remote: https://rubygems.org/
  specs:
    envyable (1.2.0)
      thor (>= 0.18.1, < 2.0)
    google_maps_service (0.4.2)
      hurley (~> 0.1)
      multi_json (~> 1.11)
      retriable (~> 2.0)
    hurley (0.2)
    multi_json (1.13.1)
    retriable (2.1.0)
    thor (0.20.3)

PLATFORMS
  ruby

DEPENDENCIES
  envyable
  google_maps_service

RUBY VERSION
   ruby 2.6.0p0

BUNDLED WITH
   1.17.2
