PATH
  remote: .
  specs:
    flatbot (0.1.0)
      awesome_print (~> 1.8.0)
      colorize (~> 0.8.1)
      envyable (~> 1.2.0)
      google_maps_service (~> 0.4.2)
      haversine (~> 0.3.2)
      polylines (~> 0.3.0)
      thor (~> 0.20.3)

GEM
  remote: https://rubygems.org/
  specs:
    awesome_print (1.8.0)
    coderay (1.1.2)
    colorize (0.8.1)
    diff-lcs (1.3)
    envyable (1.2.0)
      thor (>= 0.18.1, < 2.0)
    google_maps_service (0.4.2)
      hurley (~> 0.1)
      multi_json (~> 1.11)
      retriable (~> 2.0)
    haversine (0.3.2)
    hurley (0.2)
    method_source (0.8.2)
    multi_json (1.13.1)
    polylines (0.3.0)
    pry (0.10.4)
      coderay (~> 1.1.0)
      method_source (~> 0.8.1)
      slop (~> 3.4)
    rake (10.5.0)
    retriable (2.1.0)
    rspec (3.8.0)
      rspec-core (~> 3.8.0)
      rspec-expectations (~> 3.8.0)
      rspec-mocks (~> 3.8.0)
    rspec-core (3.8.2)
      rspec-support (~> 3.8.0)
    rspec-expectations (3.8.4)
      diff-lcs (>= 1.2.0, < 2.0)
      rspec-support (~> 3.8.0)
    rspec-mocks (3.8.1)
      diff-lcs (>= 1.2.0, < 2.0)
      rspec-support (~> 3.8.0)
    rspec-support (3.8.2)
    slop (3.6.0)
    thor (0.20.3)

PLATFORMS
  ruby

DEPENDENCIES
  bundler (~> 1.16)
  flatbot!
  pry (~> 0.10.4)
  rake (~> 10.0)
  rspec (~> 3.0)

BUNDLED WITH
   1.17.3
